GIT
  remote: https://github.com/rkh/coder
  revision: 44b0cf89b98caecc654dd1a724a448e17ef7aa6c
  specs:
    coder (0.4.0)

GIT
  remote: https://github.com/travis-ci/gh
  revision: e1fcd75786ffa75667e47d3d824b54d1bd0017fe
  specs:
    gh (0.21.0)
      activesupport (~> 7.0.8)
      addressable (~> 2.8)
      faraday (~> 2)
      faraday-retry
      faraday-typhoeus
      multi_json (~> 1)
      net-http-persistent (~> 4)
      net-http-pipeline

GIT
  remote: https://github.com/travis-ci/marginalia
  revision: d7c711abd60517b435e50b499fc8997ab67ababe
  specs:
    marginalia (1.6.0)
      pg

GIT
  remote: https://github.com/travis-ci/metriks
  revision: ca03449b2928962e41c8389283bd092053e91670
  specs:
    metriks (0.9.9.8)
      HDRHistogram (~> 0.1)
      atomic (~> 1.0)
      avl_tree (~> 1.2)
      hitimes (~> 1.3)

GIT
  remote: https://github.com/travis-ci/metriks-librato_metrics
  revision: e876ca2f0e1abcc745260c3772118e63fb946c8a
  specs:
    metriks-librato_metrics (1.0.6)

GIT
  remote: https://github.com/travis-ci/travis-config
  revision: 601e9a6dcb799dc14944c40153c60aaf935629ee
  specs:
    travis-config (2.0.0)
      hashr (~> 2.0)

GIT
  remote: https://github.com/travis-ci/travis-exceptions
  revision: 7da3ea3b38349d66ea8f27c33d643e4af5087599
  specs:
    travis-exceptions (0.1.0)
      sentry-ruby

GIT
  remote: https://github.com/travis-ci/travis-lock
  revision: 535bbe651e1d407c58b1f1c7f521dd1d7a08691c
  branch: ga-tbt151-redistls
  specs:
    travis-lock (0.2.0)

GIT
  remote: https://github.com/travis-ci/travis-logger
  revision: c754e91f959015ac9ebe98e5082efdaf3754863d
  specs:
    travis-logger (0.1.0)

GIT
  remote: https://github.com/travis-ci/travis-metrics
  revision: 0b6a8accc70685a1cb65f1ec5305bceab41ad777
  specs:
    travis-metrics (3.0.0)
      metriks-librato_metrics (~> 1.0)

GIT
  remote: https://github.com/travis-ci/travis-rollout
  revision: c79c6d0c76da98ed50b9a3edb30399d7aba8a7e2
  specs:
    travis-rollout (0.0.1)

GIT
  remote: https://github.com/travis-ci/travis-settings
  revision: 7e48e09c1df1c95abaf13a0dcec78bdfab9f86ee
  specs:
    travis-settings (0.1.0)
      activemodel
      virtus

GEM
  remote: https://gems.contribsys.com/
  specs:
    sidekiq-pro (7.1.3)
      sidekiq (>= 7.1.0, < 8)

GEM
  remote: https://rubygems.org/
  specs:
    HDRHistogram (0.1.11)
    activemodel (7.0.8.1)
      activesupport (= 7.0.8.1)
    activerecord (7.0.8.1)
      activemodel (= 7.0.8.1)
      activesupport (= 7.0.8.1)
    activesupport (7.0.8.1)
      concurrent-ruby (~> 1.0, >= 1.0.2)
      i18n (>= 1.6, < 2)
      minitest (>= 5.1)
      tzinfo (~> 2.0)
    addressable (2.8.4)
      public_suffix (>= 2.0.2, < 6.0)
    amq-protocol (2.3.2)
    ansi (1.5.0)
    ast (2.4.2)
    atomic (1.1.101)
    avl_tree (1.2.1)
      atomic (~> 1.1)
    axiom-types (0.1.1)
      descendants_tracker (~> 0.0.4)
      ice_nine (~> 0.11.0)
      thread_safe (~> 0.3, >= 0.3.1)
    bunny (2.22.0)
      amq-protocol (~> 2.3, >= 2.3.1)
      sorted_set (~> 1, >= 1.0.2)
    cl (1.2.4)
      regstry (~> 1.0.3)
    coderay (1.1.3)
    coercible (1.0.0)
      descendants_tracker (~> 0.0.1)
    concurrent-ruby (1.2.2)
    connection_pool (2.4.1)
    crack (0.4.5)
      rexml
    database_cleaner (2.0.2)
      database_cleaner-active_record (>= 2, < 3)
    database_cleaner-active_record (2.1.0)
      activerecord (>= 5.a)
      database_cleaner-core (~> 2.0.0)
    database_cleaner-core (2.0.1)
    descendants_tracker (0.0.4)
      thread_safe (~> 0.3, >= 0.3.1)
    diff-lcs (1.5.0)
    docile (1.4.0)
    domain_name (0.5.20190701)
      unf (>= 0.0.5, < 1.0.0)
    ethon (0.16.0)
      ffi (>= 1.15.0)
    excon (0.100.0)
    factory_bot (6.2.1)
      activesupport (>= 5.0.0)
    faraday (2.7.10)
      faraday-net_http (>= 2.0, < 3.1)
      ruby2_keywords (>= 0.0.4)
    faraday-net_http (3.0.2)
    faraday-retry (2.2.0)
      faraday (~> 2.0)
    faraday-typhoeus (1.1.0)
      faraday (~> 2.0)
      typhoeus (~> 1.4)
    ffi (1.15.5)
    ffi-compiler (1.0.1)
      ffi (>= 1.0.0)
      rake
    hashdiff (1.0.1)
    hashr (2.0.1)
    hitimes (1.3.1)
    http (5.1.1)
      addressable (~> 2.8)
      http-cookie (~> 1.0)
      http-form_data (~> 2.2)
      llhttp-ffi (~> 0.4.0)
    http-cookie (1.0.5)
      domain_name (~> 0.5)
    http-form_data (2.3.0)
    i18n (1.14.1)
      concurrent-ruby (~> 1.0)
    ice_nine (0.11.2)
    json (2.6.3)
    language_server-protocol (3.17.0.3)
    libhoney (2.2.0)
      addressable (~> 2.0)
      excon
      http (>= 2.0, < 6.0)
    llhttp-ffi (0.4.0)
      ffi-compiler (~> 1.0)
      rake (~> 13.0)
    method_source (1.0.0)
    minitest (5.19.0)
    mocha (2.1.0)
      ruby2_keywords (>= 0.0.5)
    multi_json (1.15.0)
    net-http-persistent (4.0.2)
      connection_pool (~> 2.2)
    net-http-pipeline (1.0.1)
    parallel (1.23.0)
    parser (3.2.2.3)
      ast (~> 2.4.1)
      racc
    pg (1.5.3)
    pry (0.14.2)
      coderay (~> 1.1)
      method_source (~> 1.0)
    public_suffix (5.0.3)
    racc (1.7.1)
    rack (3.0.8)
    rainbow (3.1.1)
    rake (13.0.6)
    rbtree (0.4.6)
    redis (4.8.1)
    redis-client (0.14.1)
      connection_pool
    redis-namespace (1.11.0)
      redis (>= 4)
    redlock (2.0.2)
      redis-client (~> 0.14.1)
    regexp_parser (2.8.1)
    regstry (1.0.15)
    rexml (3.2.6)
    rollout (2.5.0)
      redis (~> 4.0)
    rspec (3.12.0)
      rspec-core (~> 3.12.0)
      rspec-expectations (~> 3.12.0)
      rspec-mocks (~> 3.12.0)
    rspec-core (3.12.2)
      rspec-support (~> 3.12.0)
    rspec-expectations (3.12.3)
      diff-lcs (>= 1.2.0, < 2.0)
      rspec-support (~> 3.12.0)
    rspec-mocks (3.12.6)
      diff-lcs (>= 1.2.0, < 2.0)
      rspec-support (~> 3.12.0)
    rspec-support (3.12.1)
    rubocop (1.55.1)
      json (~> 2.3)
      language_server-protocol (>= 3.17.0)
      parallel (~> 1.10)
      parser (>= 3.2.2.3)
      rainbow (>= 2.2.2, < 4.0)
      regexp_parser (>= 1.8, < 3.0)
      rexml (>= 3.2.5, < 4.0)
      rubocop-ast (>= 1.28.1, < 2.0)
      ruby-progressbar (~> 1.7)
      unicode-display_width (>= 2.4.0, < 3.0)
    rubocop-ast (1.29.0)
      parser (>= 3.2.1.0)
    rubocop-capybara (2.18.0)
      rubocop (~> 1.41)
    rubocop-factory_bot (2.23.1)
      rubocop (~> 1.33)
    rubocop-performance (1.18.0)
      rubocop (>= 1.7.0, < 2.0)
      rubocop-ast (>= 0.4.0)
    rubocop-rspec (2.23.0)
      rubocop (~> 1.33)
      rubocop-capybara (~> 2.17)
      rubocop-factory_bot (~> 2.22)
    ruby-progressbar (1.13.0)
    ruby2_keywords (0.0.5)
    sentry-ruby (5.10.0)
      concurrent-ruby (~> 1.0, >= 1.0.2)
    set (1.0.3)
    sidekiq (7.1.2)
      concurrent-ruby (< 2)
      connection_pool (>= 2.3.0)
      rack (>= 2.2.4)
      redis-client (>= 0.14.0)
    simplecov (0.22.0)
      docile (~> 1.1)
      simplecov-html (~> 0.11)
      simplecov_json_formatter (~> 0.1)
    simplecov-console (0.9.1)
      ansi
      simplecov
      terminal-table
    simplecov-html (0.12.3)
    simplecov_json_formatter (0.1.4)
    sorted_set (1.0.3)
      rbtree
      set (~> 1.0)
    terminal-table (3.0.2)
      unicode-display_width (>= 1.1.1, < 3)
    thread_safe (0.3.6)
    typhoeus (1.4.1)
      ethon (>= 0.9.0)
    tzinfo (2.0.6)
      concurrent-ruby (~> 1.0)
    unf (0.1.4)
      unf_ext
    unf_ext (0.0.8.2)
    unicode-display_width (2.4.2)
    virtus (2.0.0)
      axiom-types (~> 0.1)
      coercible (~> 1.0)
      descendants_tracker (~> 0.0, >= 0.0.3)
    webmock (3.18.1)
      addressable (>= 2.8.0)
      crack (>= 0.3.2)
      hashdiff (>= 0.4.0, < 2.0.0)

PLATFORMS
  x86_64-darwin-23
  x86_64-linux

DEPENDENCIES
  activerecord (~> 7)
  bunny (~> 2.22)
  cl
  coder!
  concurrent-ruby
  database_cleaner (~> 2.0)
  factory_bot
  faraday (~> 2)
  gh!
  libhoney
  marginalia!
  metriks!
  metriks-librato_metrics!
  mocha (~> 2.0)
  multi_json (~> 1.15)
  pg
  pry
  rack (>= 3.0)
  rake
  redis-namespace
  redlock
  rollout
  rspec
  rubocop
  rubocop-performance
  rubocop-rspec
  sentry-ruby
  sidekiq-pro!
  simplecov
  simplecov-console
  travis-config!
  travis-exceptions!
  travis-lock!
  travis-logger!
  travis-metrics!
  travis-rollout!
  travis-settings!
  webmock

RUBY VERSION
   ruby 3.2.2p53

BUNDLED WITH
   2.4.17
